GEM
  remote: https://rubygems.org/
  specs:
    bigdecimal (3.1.8)
    coderay (1.1.3)
    json (2.8.1)
    method_source (1.1.0)
    pry (0.14.2)
      coderay (~> 1.1)
      method_source (~> 1.0)
    rack (3.1.8)
    sequel (5.88.0)
      bigdecimal
    sqlite3 (2.5.0-x86_64-darwin)

PLATFORMS
  x86_64-darwin

DEPENDENCIES
  json
  pry
  rack
  sequel
  sqlite3

BUNDLED WITH
   2.6.3
